GIT
  remote: https://github.com/karmi/tire.git
  revision: 53cf972eca9db6ccae794d5dbe7f25b1bbd4da85
  specs:
    tire (0.5.4)
      activemodel (>= 3.0)
      activesupport
      hashr (~> 0.0.19)
      multi_json (~> 1.3)
      rake
      rest-client (~> 1.6)

GEM
  remote: http://rubygems.org/
  specs:
    actionmailer (3.1.3)
      actionpack (= 3.1.3)
      mail (~> 2.3.0)
    actionpack (3.1.3)
      activemodel (= 3.1.3)
      activesupport (= 3.1.3)
      builder (~> 3.0.0)
      erubis (~> 2.7.0)
      i18n (~> 0.6)
      rack (~> 1.3.5)
      rack-cache (~> 1.1)
      rack-mount (~> 0.8.2)
      rack-test (~> 0.6.1)
      sprockets (~> 2.0.3)
    activemodel (3.1.3)
      activesupport (= 3.1.3)
      builder (~> 3.0.0)
      i18n (~> 0.6)
    activerecord (3.1.3)
      activemodel (= 3.1.3)
      activesupport (= 3.1.3)
      arel (~> 2.2.1)
      tzinfo (~> 0.3.29)
    activeresource (3.1.3)
      activemodel (= 3.1.3)
      activesupport (= 3.1.3)
    activesupport (3.1.3)
      multi_json (~> 1.0)
    airbrake (3.1.8)
      activesupport
      builder
      json
    arel (2.2.3)
    bcrypt-ruby (3.0.1)
    bson (1.8.3)
    bson_ext (1.8.3)
      bson (~> 1.8.3)
    builder (3.0.4)
    coderay (1.0.9)
    coffee-rails (3.1.1)
      coffee-script (>= 2.2.0)
      railties (~> 3.1.0)
    coffee-script (2.2.0)
      coffee-script-source
      execjs
    coffee-script-source (1.6.1)
    dalli (2.6.2)
    erubis (2.7.0)
    execjs (1.4.0)
      multi_json (~> 1.0)
    faraday (0.8.6)
      multipart-post (~> 1.1)
    flickraw (0.9.6)
    flickraw-cached (20120701)
      flickraw (>= 0.9)
    gabba (1.0.1)
    hashie (1.2.0)
    hashr (0.0.22)
    hike (1.2.1)
    httpauth (0.2.0)
    i18n (0.6.4)
    jquery-rails (2.2.1)
      railties (>= 3.0, < 5.0)
      thor (>= 0.14, < 2.0)
    json (1.7.7)
    jwt (0.1.7)
      multi_json (>= 1.5)
    kaminari (0.14.1)
      actionpack (>= 3.0.0)
      activesupport (>= 3.0.0)
    mail (2.3.3)
      i18n (>= 0.4.0)
      mime-types (~> 1.16)
      treetop (~> 1.4.8)
    memcachier (0.0.2)
    method_source (0.8.1)
    mime-types (1.21)
    multi_json (1.6.1)
    multipart-post (1.2.0)
    newrelic_rpm (3.5.8.72)
    nokogiri (1.5.6)
    oauth (0.4.7)
    oauth2 (0.8.1)
      faraday (~> 0.8)
      httpauth (~> 0.1)
      jwt (~> 0.1.4)
      multi_json (~> 1.0)
      rack (~> 1.2)
    omniauth (1.1.3)
      hashie (~> 1.2)
      rack
    omniauth-facebook (1.4.1)
      omniauth-oauth2 (~> 1.1.0)
    omniauth-google-oauth2 (0.1.13)
      omniauth (~> 1.0)
      omniauth-oauth2
    omniauth-oauth (1.0.1)
      oauth
      omniauth (~> 1.0)
    omniauth-oauth2 (1.1.1)
      oauth2 (~> 0.8.0)
      omniauth (~> 1.0)
    omniauth-twitter (0.0.14)
      multi_json (~> 1.3)
      omniauth-oauth (~> 1.0)
    pg (0.14.1)
    polyglot (0.3.3)
    pry (0.9.12)
      coderay (~> 1.0.5)
      method_source (~> 0.8)
      slop (~> 3.4)
    pry-nav (0.2.3)
      pry (~> 0.9.10)
    quiet_assets (1.0.2)
      railties (>= 3.1, < 5.0)
    rack (1.3.10)
    rack-cache (1.2)
      rack (>= 0.4)
    rack-mount (0.8.3)
      rack (>= 1.0.0)
    rack-ssl (1.3.3)
      rack
    rack-test (0.6.2)
      rack (>= 1.0)
    rails (3.1.3)
      actionmailer (= 3.1.3)
      actionpack (= 3.1.3)
      activerecord (= 3.1.3)
      activeresource (= 3.1.3)
      activesupport (= 3.1.3)
      bundler (~> 1.0)
      railties (= 3.1.3)
    railties (3.1.3)
      actionpack (= 3.1.3)
      activesupport (= 3.1.3)
      rack-ssl (~> 1.3.2)
      rake (>= 0.8.7)
      rdoc (~> 3.4)
      thor (~> 0.14.6)
    rake (10.0.3)
    rdoc (3.12.2)
      json (~> 1.4)
    rest-client (1.6.7)
      mime-types (>= 1.16)
    sass (3.2.7)
    sass-rails (3.1.7)
      actionpack (~> 3.1.0)
      railties (~> 3.1.0)
      sass (>= 3.1.10)
      tilt (~> 1.3.2)
    slop (3.4.3)
    sprockets (2.0.4)
      hike (~> 1.2)
      rack (~> 1.0)
      tilt (~> 1.1, != 1.3.0)
    thor (0.14.6)
    tilt (1.3.4)
    treetop (1.4.12)
      polyglot
      polyglot (>= 0.3.1)
    tzinfo (0.3.36)
    uglifier (1.3.0)
      execjs (>= 0.3.0)
      multi_json (~> 1.0, >= 1.0.2)
    yajl-ruby (1.1.0)

PLATFORMS
  ruby

DEPENDENCIES
  airbrake
  bcrypt-ruby (~> 3.0.0)
  bson
  bson_ext
  coffee-rails (~> 3.1.1)
  dalli
  flickraw-cached
  gabba
  jquery-rails
  json
  kaminari
  memcachier
  multi_json
  newrelic_rpm
  nokogiri
  omniauth-facebook
  omniauth-google-oauth2
  omniauth-twitter
  pg
  pry
  pry-nav
  quiet_assets
  rails (= 3.1.3)
  sass-rails (~> 3.1.5)
  tire!
  uglifier (>= 1.0.3)
  yajl-ruby
